GEM
  remote: https://rubygems.org/
  specs:
    image_size (1.5.0)
    review (2.4.0)
      image_size
      rouge
      rubyzip
    review-peg (0.2.2)
    rouge (3.1.1)
    rubyzip (1.2.1)

PLATFORMS
  ruby

DEPENDENCIES
  review (= 2.4.0)
  review-peg (= 0.2.2)

BUNDLED WITH
   1.10.4
